GEM
  remote: https://rubygems.org/
  specs:
    andand (1.3.3)
    geokit (1.9.0)
      multi_json (>= 1.3.2)
    kdtree (0.3)
    multi_json (1.10.1)
    nearest_time_zone (0.0.3)
      andand
      kdtree
      require_all
    rack (1.6.0)
    rack-protection (1.5.3)
      rack
    require_all (1.3.2)
    sinatra (1.4.5)
      rack (~> 1.4)
      rack-protection (~> 1.4)
      tilt (~> 1.3, >= 1.3.4)
    tilt (1.4.1)
    timezone (0.3.8)

PLATFORMS
  ruby

DEPENDENCIES
  geokit
  nearest_time_zone
  sinatra
  timezone
